PATH
  remote: .
  specs:
    codebreaker (0.1.0)
      bundler (~> 2.3.16)
      rake (~> 13.0.6)
      yaml (~> 0.2.0)

GEM
  remote: https://rubygems.org/
  specs:
    ast (2.4.2)
    colorize (0.8.1)
    concurrent-ruby (1.1.10)
    diff-lcs (1.5.0)
    docile (1.4.0)
    fasterer (0.10.0)
      colorize (~> 0.7)
      ruby_parser (>= 3.19.1)
    i18n (1.10.0)
      concurrent-ruby (~> 1.0)
    parallel (1.22.1)
    parser (3.1.2.0)
      ast (~> 2.4.1)
    rainbow (3.1.1)
    rake (13.0.6)
    regexp_parser (2.5.0)
    rexml (3.2.5)
    rspec (3.11.0)
      rspec-core (~> 3.11.0)
      rspec-expectations (~> 3.11.0)
      rspec-mocks (~> 3.11.0)
    rspec-core (3.11.0)
      rspec-support (~> 3.11.0)
    rspec-expectations (3.11.0)
      diff-lcs (>= 1.2.0, < 2.0)
      rspec-support (~> 3.11.0)
    rspec-mocks (3.11.1)
      diff-lcs (>= 1.2.0, < 2.0)
      rspec-support (~> 3.11.0)
    rspec-support (3.11.0)
    rubocop (1.30.1)
      parallel (~> 1.10)
      parser (>= 3.1.0.0)
      rainbow (>= 2.2.2, < 4.0)
      regexp_parser (>= 1.8, < 3.0)
      rexml (>= 3.2.5, < 4.0)
      rubocop-ast (>= 1.18.0, < 2.0)
      ruby-progressbar (~> 1.7)
      unicode-display_width (>= 1.4.0, < 3.0)
    rubocop-ast (1.18.0)
      parser (>= 3.1.1.0)
    rubocop-performance (1.14.2)
      rubocop (>= 1.7.0, < 2.0)
      rubocop-ast (>= 0.4.0)
    rubocop-rspec (2.11.1)
      rubocop (~> 1.19)
    ruby-progressbar (1.11.0)
    ruby_parser (3.19.1)
      sexp_processor (~> 4.16)
    sexp_processor (4.16.1)
    simplecov (0.21.2)
      docile (~> 1.1)
      simplecov-html (~> 0.11)
      simplecov_json_formatter (~> 0.1)
    simplecov-html (0.12.3)
    simplecov_json_formatter (0.1.4)
    unicode-display_width (2.1.0)
    yaml (0.2.0)

PLATFORMS
  x86_64-linux

DEPENDENCIES
  codebreaker!
  fasterer (~> 0.10.0)
  i18n (~> 1.10.0)
  rspec (~> 3.0)
  rubocop (~> 1.30.1)
  rubocop-performance (~> 1.14.2)
  rubocop-rspec (~> 2.11.1)
  simplecov (~> 0.21.2)

BUNDLED WITH
   2.3.16
